PATH
  remote: .
  specs:
    crest (0.1.0)
      rest-client (= 1.6.7)

GEM
  remote: http://rubygems.org/
  specs:
    mime-types (1.21)
    rest-client (1.6.7)
      mime-types (>= 1.16)

PLATFORMS
  ruby

DEPENDENCIES
  crest!
  rest-client
